PATH
  remote: .
  specs:
    nyavi (0.1.1)

GEM
  remote: http://rubygems.org/
  specs:

PLATFORMS
  ruby

DEPENDENCIES
  nyavi!
